GEM
  remote: https://rubygems.org/
  specs:
    activesupport (4.0.0)
      i18n (~> 0.6, >= 0.6.4)
      minitest (~> 4.2)
      multi_json (~> 1.3)
      thread_safe (~> 0.1)
      tzinfo (~> 0.3.37)
    atomic (1.1.13)
    atomic (1.1.13-java)
    i18n (0.6.5)
    jrjackson (0.1.1)
    minitest (4.7.5)
    multi_json (1.7.9)
    rake (10.1.0)
    redis (3.0.4)
    rubydoop (1.1.0)
    thread_safe (0.1.2)
      atomic
    thread_safe (0.1.2-java)
      atomic
    tzinfo (0.3.37)

PLATFORMS
  java
  ruby

DEPENDENCIES
  activesupport (~> 4.0.0)
  jrjackson
  rake
  redis
  rubydoop (~> 1.1.0.pre6)
