GEM
  remote: https://rubygems.org/
  specs:
    diff-lcs (1.2.4)
    jbundler (0.4.3)
      maven-tools (~> 0.32.1)
      ruby-maven (~> 3.0.4)
    json (1.8.0-java)
    maven-tools (0.32.5)
    multi_json (1.7.7)
    rspec (2.14.1)
      rspec-core (~> 2.14.0)
      rspec-expectations (~> 2.14.0)
      rspec-mocks (~> 2.14.0)
    rspec-core (2.14.4)
    rspec-expectations (2.14.0)
      diff-lcs (>= 1.1.3, < 2.0)
    rspec-mocks (2.14.1)
    ruby-maven (3.0.4.1.4)
      maven-tools (~> 0.32.3)
      thor (>= 0.14.6, < 2.0)
    simplecov (0.7.1)
      multi_json (~> 1.0)
      simplecov-html (~> 0.7.1)
    simplecov-html (0.7.1)
    thor (0.18.1)

PLATFORMS
  java

DEPENDENCIES
  jbundler
  json
  rspec
  simplecov
